PATH
  remote: .
  specs:
    rubocop-ddoherty (0.1.0)

GEM
  remote: https://rubygems.org/
  specs:

PLATFORMS
  ruby
  x86_64-linux

DEPENDENCIES
  rubocop-ddoherty!

BUNDLED WITH
   2.7.2
